GIT
  remote: git://github.com/DavyJonesLocker/client_side_validations.git
  revision: 9e0b844b8267e2ae1d4c87711cca14c8579cfffd
  specs:
    client_side_validations (4.2.0)
      jquery-rails (>= 3.1.2, < 5.0.0)
      rails (>= 4.0.0, < 4.3.0)

GIT
  remote: git://github.com/seyhunak/twitter-bootstrap-rails.git
  revision: 665e50e7511d5418fbcf76ccb15c593f953d197a
  specs:
    twitter-bootstrap-rails (3.2.1)
      actionpack (>= 3.1)
      execjs (>= 2.2.2, >= 2.2)
      less-rails (>= 2.5.0)
      railties (>= 3.1)

GEM
  remote: https://rubygems.org/
  specs:
    actionmailer (4.2.1)
      actionpack (= 4.2.1)
      actionview (= 4.2.1)
      activejob (= 4.2.1)
      mail (~> 2.5, >= 2.5.4)
      rails-dom-testing (~> 1.0, >= 1.0.5)
    actionpack (4.2.1)
      actionview (= 4.2.1)
      activesupport (= 4.2.1)
      rack (~> 1.6)
      rack-test (~> 0.6.2)
      rails-dom-testing (~> 1.0, >= 1.0.5)
      rails-html-sanitizer (~> 1.0, >= 1.0.1)
    actionview (4.2.1)
      activesupport (= 4.2.1)
      builder (~> 3.1)
      erubis (~> 2.7.0)
      rails-dom-testing (~> 1.0, >= 1.0.5)
      rails-html-sanitizer (~> 1.0, >= 1.0.1)
    activejob (4.2.1)
      activesupport (= 4.2.1)
      globalid (>= 0.3.0)
    activemodel (4.2.1)
      activesupport (= 4.2.1)
      builder (~> 3.1)
    activerecord (4.2.1)
      activemodel (= 4.2.1)
      activesupport (= 4.2.1)
      arel (~> 6.0)
    activesupport (4.2.1)
      i18n (~> 0.7)
      json (~> 1.7, >= 1.7.7)
      minitest (~> 5.1)
      thread_safe (~> 0.3, >= 0.3.4)
      tzinfo (~> 1.1)
    acts_as_tenant (0.3.9)
      rails (>= 3.1)
      request_store (>= 1.0.5)
    annotate (2.6.10)
      activerecord (>= 3.2, <= 4.3)
      rake (~> 10.4)
    arel (6.0.3)
    awesome_print (1.6.1)
    bcrypt (3.1.10)
    better_errors (2.1.1)
      coderay (>= 1.0.0)
      erubis (>= 2.6.6)
      rack (>= 0.9.0)
    binding_of_caller (0.7.2)
      debug_inspector (>= 0.0.1)
    bootstrap-datepicker-rails (1.4.0)
      railties (>= 3.0)
    builder (3.2.2)
    cancancan (1.13.0)
    carrierwave (0.10.0)
      activemodel (>= 3.2.0)
      activesupport (>= 3.2.0)
      json (>= 1.7)
      mime-types (>= 1.16)
    celluloid (0.17.2)
      celluloid-essentials
      celluloid-extras
      celluloid-fsm
      celluloid-pool
      celluloid-supervision
      timers (>= 4.1.1)
    celluloid-essentials (0.20.5)
      timers (>= 4.1.1)
    celluloid-extras (0.20.5)
      timers (>= 4.1.1)
    celluloid-fsm (0.20.5)
      timers (>= 4.1.1)
    celluloid-pool (0.20.5)
      timers (>= 4.1.1)
    celluloid-supervision (0.20.5)
      timers (>= 4.1.1)
    coderay (1.1.0)
    coffee-rails (4.1.0)
      coffee-script (>= 2.2.0)
      railties (>= 4.0.0, < 5.0)
    coffee-script (2.4.1)
      coffee-script-source
      execjs
    coffee-script-source (1.9.1.1)
    commonjs (0.2.7)
    connection_pool (2.2.0)
    debug_inspector (0.0.2)
    devise (3.5.2)
      bcrypt (~> 3.0)
      orm_adapter (~> 0.1)
      railties (>= 3.2.6, < 5)
      responders
      thread_safe (~> 0.1)
      warden (~> 1.2.3)
    erubis (2.7.0)
    execjs (2.6.0)
    ffi (1.9.10)
    formatador (0.2.5)
    globalid (0.3.6)
      activesupport (>= 4.1.0)
    guard (2.13.0)
      formatador (>= 0.2.4)
      listen (>= 2.7, <= 4.0)
      lumberjack (~> 1.0)
      nenv (~> 0.1)
      notiffany (~> 0.0)
      pry (>= 0.9.12)
      shellany (~> 0.0)
      thor (>= 0.18.1)
    hitimes (1.2.3)
    i18n (0.7.0)
    iconv (1.0.4)
    jbuilder (2.3.2)
      activesupport (>= 3.0.0, < 5)
      multi_json (~> 1.2)
    jquery-rails (4.0.5)
      rails-dom-testing (~> 1.0)
      railties (>= 4.2.0)
      thor (>= 0.14, < 2.0)
    json (1.8.3)
    kgio (2.10.0)
    less (2.6.0)
      commonjs (~> 0.2.7)
    less-rails (2.7.0)
      actionpack (>= 4.0)
      less (~> 2.6.0)
      sprockets (> 2, < 4)
      tilt
    libv8 (3.16.14.11)
    listen (3.0.3)
      rb-fsevent (>= 0.9.3)
      rb-inotify (>= 0.9)
    loofah (2.0.3)
      nokogiri (>= 1.5.9)
    lumberjack (1.0.9)
    mail (2.6.3)
      mime-types (>= 1.16, < 3)
    method_source (0.8.2)
    mime-types (2.6.2)
    mini_magick (4.3.6)
    mini_portile (0.6.2)
    minitest (5.8.1)
    multi_json (1.11.2)
    nenv (0.2.0)
    nokogiri (1.6.6.2)
      mini_portile (~> 0.6.0)
    notiffany (0.0.8)
      nenv (~> 0.1)
      shellany (~> 0.0)
    orm_adapter (0.5.0)
    paranoia (2.1.3)
      activerecord (~> 4.0)
    pg (0.18.3)
    polyamorous (1.2.0)
      activerecord (>= 3.0)
    pry (0.10.2)
      coderay (~> 1.1.0)
      method_source (~> 0.8.1)
      slop (~> 3.4)
    pry-nav (0.2.4)
      pry (>= 0.9.10, < 0.11.0)
    quiet_assets (1.1.0)
      railties (>= 3.1, < 5.0)
    rack (1.6.4)
    rack-test (0.6.3)
      rack (>= 1.0)
    rails (4.2.1)
      actionmailer (= 4.2.1)
      actionpack (= 4.2.1)
      actionview (= 4.2.1)
      activejob (= 4.2.1)
      activemodel (= 4.2.1)
      activerecord (= 4.2.1)
      activesupport (= 4.2.1)
      bundler (>= 1.3.0, < 2.0)
      railties (= 4.2.1)
      sprockets-rails
    rails-deprecated_sanitizer (1.0.3)
      activesupport (>= 4.2.0.alpha)
    rails-dom-testing (1.0.7)
      activesupport (>= 4.2.0.beta, < 5.0)
      nokogiri (~> 1.6.0)
      rails-deprecated_sanitizer (>= 1.0.1)
    rails-html-sanitizer (1.0.2)
      loofah (~> 2.0)
    railties (4.2.1)
      actionpack (= 4.2.1)
      activesupport (= 4.2.1)
      rake (>= 0.8.7)
      thor (>= 0.18.1, < 2.0)
    raindrops (0.15.0)
    rake (10.4.2)
    ransack (1.7.0)
      actionpack (>= 3.0)
      activerecord (>= 3.0)
      activesupport (>= 3.0)
      i18n
      polyamorous (~> 1.2)
    rb-fsevent (0.9.6)
    rb-inotify (0.9.5)
      ffi (>= 0.5.0)
    rdoc (4.2.0)
    redis (3.2.1)
    redis-namespace (1.5.2)
      redis (~> 3.0, >= 3.0.4)
    ref (2.0.0)
    rename (1.0.2)
      rails (>= 3.0.0)
    request_store (1.2.0)
    responders (2.1.0)
      railties (>= 4.2.0, < 5)
    rmagick (2.15.4)
    roo (2.1.1)
      nokogiri (~> 1)
      rubyzip (~> 1.1, < 2.0.0)
    roo-xls (1.0.0)
      nokogiri
      roo (>= 2.0.0beta1, < 3)
      spreadsheet (> 0.9.0)
    ruby-ole (1.2.11.8)
    rubyzip (1.1.7)
    sass (3.4.18)
    sass-rails (5.0.4)
      railties (>= 4.0.0, < 5.0)
      sass (~> 3.1)
      sprockets (>= 2.8, < 4.0)
      sprockets-rails (>= 2.0, < 4.0)
      tilt (>= 1.1, < 3)
    sdoc (0.4.1)
      json (~> 1.7, >= 1.7.7)
      rdoc (~> 4.0)
    shellany (0.0.1)
    sidekiq (3.5.0)
      celluloid (~> 0.17.0)
      connection_pool (~> 2.2, >= 2.2.0)
      json (~> 1.0)
      redis (~> 3.2, >= 3.2.1)
      redis-namespace (~> 1.5, >= 1.5.2)
    simple_form (3.2.0)
      actionpack (~> 4.0)
      activemodel (~> 4.0)
    slop (3.6.0)
    spreadsheet (1.0.7)
      ruby-ole (>= 1.0)
    spring (1.4.0)
    sprockets (3.4.0)
      rack (> 1, < 3)
    sprockets-rails (2.3.3)
      actionpack (>= 3.0)
      activesupport (>= 3.0)
      sprockets (>= 2.8, < 4.0)
    therubyracer (0.12.2)
      libv8 (~> 3.16.14.0)
      ref
    thor (0.19.1)
    thread_safe (0.3.5)
    tilt (2.0.1)
    timers (4.1.1)
      hitimes
    tzinfo (1.2.2)
      thread_safe (~> 0.1)
    uglifier (2.7.2)
      execjs (>= 0.3.0)
      json (>= 1.8.0)
    unicorn (4.9.0)
      kgio (~> 2.6)
      rack
      raindrops (~> 0.7)
    unicorn-rails (2.2.0)
      rack
      unicorn
    warden (1.2.3)
      rack (>= 1.0)
    will_paginate (3.0.7)
    will_paginate-bootstrap (1.0.1)
      will_paginate (>= 3.0.3)

PLATFORMS
  ruby

DEPENDENCIES
  acts_as_tenant
  annotate
  awesome_print
  better_errors
  binding_of_caller
  bootstrap-datepicker-rails
  cancancan
  carrierwave
  client_side_validations!
  coffee-rails (~> 4.1.0)
  devise
  execjs
  guard
  iconv (~> 1.0.3)
  jbuilder (~> 2.0)
  jquery-rails
  mini_magick
  paranoia
  pg
  pry
  pry-nav
  quiet_assets
  rails (= 4.2.1)
  ransack
  rename
  rmagick
  roo
  roo-xls
  sass-rails (~> 5.0)
  sdoc (~> 0.4.0)
  sidekiq
  simple_form
  spring
  therubyracer
  twitter-bootstrap-rails!
  uglifier (>= 1.3.0)
  unicorn-rails
  will_paginate-bootstrap

BUNDLED WITH
   1.10.6
